STORAGE: NONE
RESTRICTION: == net6.0
NUGET
  remote: https://api.nuget.org/v3/index.json
    DotNet.Glob (3.1.3)
    Expecto (10.1)
      FSharp.Core (>= 7.0.200)
      Mono.Cecil (>= 0.11.4 < 1.0)
    Fable.Browser.Blob (1.3)
      Fable.Core (>= 3.0)
      FSharp.Core (>= 4.7.2)
    Fable.Browser.Dom (2.14)
      Fable.Browser.Blob (>= 1.3)
      Fable.Browser.Event (>= 1.5)
      Fable.Browser.WebStorage (>= 1.2)
      Fable.Core (>= 3.2.8)
      FSharp.Core (>= 4.7.2)
    Fable.Browser.Event (1.5)
      Fable.Browser.Gamepad (>= 1.1)
      Fable.Core (>= 3.0)
      FSharp.Core (>= 4.7.2)
    Fable.Browser.Gamepad (1.2)
      Fable.Core (>= 3.0)
      FSharp.Core (>= 4.7.2)
    Fable.Browser.WebStorage (1.2)
      Fable.Browser.Event (>= 1.5)
      Fable.Core (>= 3.0)
      FSharp.Core (>= 4.7.2)
    Fable.Core (4.0)
    Fable.Electron (6.0)
      Fable.Browser.Dom (>= 1.0)
      Fable.Core (>= 3.0)
      Fable.Node (>= 1.0)
      FSharp.Core (>= 4.5.2)
    Fable.Mocha (2.16)
      Fable.Core (>= 3.0)
      FSharp.Core (>= 4.7)
    Fable.Node (1.2)
      Fable.Core (>= 3.1.2)
      FSharp.Core (>= 5.0)
    Fable.Promise (3.2)
      Fable.Core (>= 3.7.1)
      FSharp.Core (>= 4.7.2)
    FSharp.Core (7.0.300)
    Humanizer (2.14.1)
      Humanizer.Core.af (>= 2.14.1)
      Humanizer.Core.ar (>= 2.14.1)
      Humanizer.Core.az (>= 2.14.1)
      Humanizer.Core.bg (>= 2.14.1)
      Humanizer.Core.bn-BD (>= 2.14.1)
      Humanizer.Core.cs (>= 2.14.1)
      Humanizer.Core.da (>= 2.14.1)
      Humanizer.Core.de (>= 2.14.1)
      Humanizer.Core.el (>= 2.14.1)
      Humanizer.Core.es (>= 2.14.1)
      Humanizer.Core.fa (>= 2.14.1)
      Humanizer.Core.fi-FI (>= 2.14.1)
      Humanizer.Core.fr (>= 2.14.1)
      Humanizer.Core.fr-BE (>= 2.14.1)
      Humanizer.Core.he (>= 2.14.1)
      Humanizer.Core.hr (>= 2.14.1)
      Humanizer.Core.hu (>= 2.14.1)
      Humanizer.Core.hy (>= 2.14.1)
      Humanizer.Core.id (>= 2.14.1)
      Humanizer.Core.is (>= 2.14.1)
      Humanizer.Core.it (>= 2.14.1)
      Humanizer.Core.ja (>= 2.14.1)
      Humanizer.Core.ko-KR (>= 2.14.1)
      Humanizer.Core.ku (>= 2.14.1)
      Humanizer.Core.lv (>= 2.14.1)
      Humanizer.Core.ms-MY (>= 2.14.1)
      Humanizer.Core.mt (>= 2.14.1)
      Humanizer.Core.nb (>= 2.14.1)
      Humanizer.Core.nb-NO (>= 2.14.1)
      Humanizer.Core.nl (>= 2.14.1)
      Humanizer.Core.pl (>= 2.14.1)
      Humanizer.Core.pt (>= 2.14.1)
      Humanizer.Core.ro (>= 2.14.1)
      Humanizer.Core.ru (>= 2.14.1)
      Humanizer.Core.sk (>= 2.14.1)
      Humanizer.Core.sl (>= 2.14.1)
      Humanizer.Core.sr (>= 2.14.1)
      Humanizer.Core.sr-Latn (>= 2.14.1)
      Humanizer.Core.sv (>= 2.14.1)
      Humanizer.Core.th-TH (>= 2.14.1)
      Humanizer.Core.tr (>= 2.14.1)
      Humanizer.Core.uk (>= 2.14.1)
      Humanizer.Core.uz-Cyrl-UZ (>= 2.14.1)
      Humanizer.Core.uz-Latn-UZ (>= 2.14.1)
      Humanizer.Core.vi (>= 2.14.1)
      Humanizer.Core.zh-CN (>= 2.14.1)
      Humanizer.Core.zh-Hans (>= 2.14.1)
      Humanizer.Core.zh-Hant (>= 2.14.1)
    Humanizer.Core (2.14.1)
    Humanizer.Core.af (2.14.1)
      Humanizer.Core (2.14.1)
    Humanizer.Core.ar (2.14.1)
      Humanizer.Core (2.14.1)
    Humanizer.Core.az (2.14.1)
      Humanizer.Core (2.14.1)
    Humanizer.Core.bg (2.14.1)
      Humanizer.Core (2.14.1)
    Humanizer.Core.bn-BD (2.14.1)
      Humanizer.Core (2.14.1)
    Humanizer.Core.cs (2.14.1)
      Humanizer.Core (2.14.1)
    Humanizer.Core.da (2.14.1)
      Humanizer.Core (2.14.1)
    Humanizer.Core.de (2.14.1)
      Humanizer.Core (2.14.1)
    Humanizer.Core.el (2.14.1)
      Humanizer.Core (2.14.1)
    Humanizer.Core.es (2.14.1)
      Humanizer.Core (2.14.1)
    Humanizer.Core.fa (2.14.1)
      Humanizer.Core (2.14.1)
    Humanizer.Core.fi-FI (2.14.1)
      Humanizer.Core (2.14.1)
    Humanizer.Core.fr (2.14.1)
      Humanizer.Core (2.14.1)
    Humanizer.Core.fr-BE (2.14.1)
      Humanizer.Core (2.14.1)
    Humanizer.Core.he (2.14.1)
      Humanizer.Core (2.14.1)
    Humanizer.Core.hr (2.14.1)
      Humanizer.Core (2.14.1)
    Humanizer.Core.hu (2.14.1)
      Humanizer.Core (2.14.1)
    Humanizer.Core.hy (2.14.1)
      Humanizer.Core (2.14.1)
    Humanizer.Core.id (2.14.1)
      Humanizer.Core (2.14.1)
    Humanizer.Core.is (2.14.1)
      Humanizer.Core (2.14.1)
    Humanizer.Core.it (2.14.1)
      Humanizer.Core (2.14.1)
    Humanizer.Core.ja (2.14.1)
      Humanizer.Core (2.14.1)
    Humanizer.Core.ko-KR (2.14.1)
      Humanizer.Core (2.14.1)
    Humanizer.Core.ku (2.14.1)
      Humanizer.Core (2.14.1)
    Humanizer.Core.lv (2.14.1)
      Humanizer.Core (2.14.1)
    Humanizer.Core.ms-MY (2.14.1)
      Humanizer.Core (2.14.1)
    Humanizer.Core.mt (2.14.1)
      Humanizer.Core (2.14.1)
    Humanizer.Core.nb (2.14.1)
      Humanizer.Core (2.14.1)
    Humanizer.Core.nb-NO (2.14.1)
      Humanizer.Core (2.14.1)
    Humanizer.Core.nl (2.14.1)
      Humanizer.Core (2.14.1)
    Humanizer.Core.pl (2.14.1)
      Humanizer.Core (2.14.1)
    Humanizer.Core.pt (2.14.1)
      Humanizer.Core (2.14.1)
    Humanizer.Core.ro (2.14.1)
      Humanizer.Core (2.14.1)
    Humanizer.Core.ru (2.14.1)
      Humanizer.Core (2.14.1)
    Humanizer.Core.sk (2.14.1)
      Humanizer.Core (2.14.1)
    Humanizer.Core.sl (2.14.1)
      Humanizer.Core (2.14.1)
    Humanizer.Core.sr (2.14.1)
      Humanizer.Core (2.14.1)
    Humanizer.Core.sr-Latn (2.14.1)
      Humanizer.Core (2.14.1)
    Humanizer.Core.sv (2.14.1)
      Humanizer.Core (2.14.1)
    Humanizer.Core.th-TH (2.14.1)
      Humanizer.Core (2.14.1)
    Humanizer.Core.tr (2.14.1)
      Humanizer.Core (2.14.1)
    Humanizer.Core.uk (2.14.1)
      Humanizer.Core (2.14.1)
    Humanizer.Core.uz-Cyrl-UZ (2.14.1)
      Humanizer.Core (2.14.1)
    Humanizer.Core.uz-Latn-UZ (2.14.1)
      Humanizer.Core (2.14.1)
    Humanizer.Core.vi (2.14.1)
      Humanizer.Core (2.14.1)
    Humanizer.Core.zh-CN (2.14.1)
      Humanizer.Core (2.14.1)
    Humanizer.Core.zh-Hans (2.14.1)
      Humanizer.Core (2.14.1)
    Humanizer.Core.zh-Hant (2.14.1)
      Humanizer.Core (2.14.1)
    MediatR (8.1)
    Microsoft.Bcl.AsyncInterfaces (7.0)
    Microsoft.Extensions.Configuration (7.0)
      Microsoft.Extensions.Configuration.Abstractions (>= 7.0)
      Microsoft.Extensions.Primitives (>= 7.0)
    Microsoft.Extensions.Configuration.Abstractions (7.0)
      Microsoft.Extensions.Primitives (>= 7.0)
    Microsoft.Extensions.Configuration.Binder (7.0.4)
      Microsoft.Extensions.Configuration.Abstractions (>= 7.0)
    Microsoft.Extensions.DependencyInjection (7.0)
      Microsoft.Extensions.DependencyInjection.Abstractions (>= 7.0)
    Microsoft.Extensions.DependencyInjection.Abstractions (7.0)
    Microsoft.Extensions.Logging (7.0)
      Microsoft.Extensions.DependencyInjection (>= 7.0)
      Microsoft.Extensions.DependencyInjection.Abstractions (>= 7.0)
      Microsoft.Extensions.Logging.Abstractions (>= 7.0)
      Microsoft.Extensions.Options (>= 7.0)
    Microsoft.Extensions.Logging.Abstractions (7.0.1)
    Microsoft.Extensions.Options (7.0.1)
      Microsoft.Extensions.DependencyInjection.Abstractions (>= 7.0)
      Microsoft.Extensions.Primitives (>= 7.0)
    Microsoft.Extensions.Options.ConfigurationExtensions (7.0)
      Microsoft.Extensions.Configuration.Abstractions (>= 7.0)
      Microsoft.Extensions.Configuration.Binder (>= 7.0)
      Microsoft.Extensions.DependencyInjection.Abstractions (>= 7.0)
      Microsoft.Extensions.Options (>= 7.0)
      Microsoft.Extensions.Primitives (>= 7.0)
    Microsoft.Extensions.Primitives (7.0)
      System.Runtime.CompilerServices.Unsafe (>= 6.0)
    Microsoft.VisualStudio.Threading (17.6.40)
      Microsoft.Bcl.AsyncInterfaces (>= 7.0)
      Microsoft.VisualStudio.Threading.Analyzers (>= 17.6.40)
      Microsoft.VisualStudio.Validation (>= 17.0.71)
      Microsoft.Win32.Registry (>= 5.0)
      System.Threading.Tasks.Extensions (>= 4.5.4)
    Microsoft.VisualStudio.Threading.Analyzers (17.6.40)
    Microsoft.VisualStudio.Validation (17.6.11)
    Microsoft.Win32.Registry (5.0)
      System.Security.AccessControl (>= 5.0)
      System.Security.Principal.Windows (>= 5.0)
    Mono.Cecil (0.11.5)
    Nerdbank.Streams (2.10.69)
      Microsoft.Bcl.AsyncInterfaces (>= 7.0)
      Microsoft.VisualStudio.Threading (>= 17.6.40)
      Microsoft.VisualStudio.Validation (>= 17.6.11)
      System.IO.Pipelines (>= 7.0)
      System.Runtime.CompilerServices.Unsafe (>= 6.0)
    Newtonsoft.Json (13.0.3)
    OmniSharp.Extensions.JsonRpc (0.19.7)
      MediatR (>= 8.1)
      Microsoft.Extensions.DependencyInjection (>= 6.0)
      Microsoft.Extensions.Logging (>= 6.0)
      Nerdbank.Streams (>= 2.8.57)
      Newtonsoft.Json (>= 11.0.2)
      OmniSharp.Extensions.JsonRpc.Generators (>= 0.19.7)
      System.Collections.Immutable (>= 5.0)
      System.Reactive (>= 5.0)
      System.Threading.Channels (>= 6.0)
    OmniSharp.Extensions.JsonRpc.Generators (0.19.7)
    OmniSharp.Extensions.JsonRpc.Testing (0.19.7)
      OmniSharp.Extensions.JsonRpc (>= 0.19.7)
    OmniSharp.Extensions.LanguageClient (0.19.7)
      Microsoft.Extensions.Configuration (>= 6.0)
      OmniSharp.Extensions.JsonRpc (>= 0.19.7)
      OmniSharp.Extensions.LanguageProtocol (>= 0.19.7)
      OmniSharp.Extensions.LanguageServer.Shared (>= 0.19.7)
    OmniSharp.Extensions.LanguageProtocol (0.19.7)
      Microsoft.Extensions.Configuration (>= 6.0)
      Microsoft.Extensions.Configuration.Binder (>= 6.0)
      Microsoft.Extensions.Options.ConfigurationExtensions (>= 6.0)
      OmniSharp.Extensions.JsonRpc (>= 0.19.7)
      OmniSharp.Extensions.JsonRpc.Generators (>= 0.19.7)
    OmniSharp.Extensions.LanguageProtocol.Testing (0.19.7)
      OmniSharp.Extensions.JsonRpc.Testing (>= 0.19.7)
      OmniSharp.Extensions.LanguageClient (>= 0.19.7)
      OmniSharp.Extensions.LanguageProtocol (>= 0.19.7)
      OmniSharp.Extensions.LanguageServer (>= 0.19.7)
    OmniSharp.Extensions.LanguageServer (0.19.7)
      Microsoft.Extensions.Configuration (>= 6.0)
      OmniSharp.Extensions.JsonRpc (>= 0.19.7)
      OmniSharp.Extensions.LanguageProtocol (>= 0.19.7)
      OmniSharp.Extensions.LanguageServer.Shared (>= 0.19.7)
    OmniSharp.Extensions.LanguageServer.Shared (0.19.7)
      OmniSharp.Extensions.LanguageProtocol (>= 0.19.7)
    Serilog (3.0.1)
    Serilog.Extensions.Logging (7.0)
      Microsoft.Extensions.Logging (>= 7.0)
      Serilog (>= 2.12)
    Serilog.Sinks.Console (4.1)
      Serilog (>= 2.10)
    Serilog.Sinks.File (5.0)
      Serilog (>= 2.10)
    System.Collections.Immutable (7.0)
      System.Runtime.CompilerServices.Unsafe (>= 6.0)
    System.IO.Pipelines (7.0)
    System.Reactive (6.0)
    System.Runtime.CompilerServices.Unsafe (6.0)
    System.Security.AccessControl (6.0)
    System.Security.Principal.Windows (5.0)
    System.Threading.Channels (7.0)
    System.Threading.Tasks.Extensions (4.5.4)
    Unquote (6.1)
      FSharp.Core (>= 4.7.2)
    YamlDotNet (13.1.1)
    YoloDev.Expecto.TestSdk (0.14.1)
      Expecto (>= 10.0 < 11.0)
      FSharp.Core (>= 7.0.200)
      System.Collections.Immutable (>= 6.0)
GITHUB
  remote: ionide/ionide-vscode-helpers
    src/Fable.Import.VSCode.fs (7da920c71e4f94240a55aabb555327ebef4b653d)
    src/Helpers.fs (7da920c71e4f94240a55aabb555327ebef4b653d)